GEM
  specs:
    haml (4.0.1)
      tilt
    tilt (1.3.6)

PLATFORMS
  ruby

DEPENDENCIES
  haml
